GEM
  remote: https://rubygems.org/
  specs:
    gems (0.8.3)
    thor (0.19.1)

PLATFORMS
  ruby

DEPENDENCIES
  gems
  thor
