GEM
  remote: https://rubygems.org/
  specs:
    axiom-types (0.1.1)
      descendants_tracker (~> 0.0.4)
      ice_nine (~> 0.11.0)
      thread_safe (~> 0.3, >= 0.3.1)
    coercible (1.0.0)
      descendants_tracker (~> 0.0.1)
    daemons (1.2.4)
    descendants_tracker (0.0.4)
      thread_safe (~> 0.3, >= 0.3.1)
    equalizer (0.0.11)
    eventmachine (1.2.0.1)
    faraday (0.9.2)
      multipart-post (>= 1.2, < 3)
    hiredis (0.6.1)
    i18n (0.7.0)
    ice_nine (0.11.2)
    multi_json (1.12.1)
    multipart-post (2.0.0)
    nido (1.0.0)
    ohm (3.0.3)
      nido
      redic (~> 1.5.0)
      stal
    ohm-contrib (3.0.0)
      ohm (~> 3.0)
    rack (1.6.4)
    redic (1.5.0)
      hiredis
    stal (0.1.0)
      redic
    telegram-bot-ruby (0.6.0.2)
      faraday
      virtus
    thin (1.7.0)
      daemons (~> 1.0, >= 1.0.9)
      eventmachine (~> 1.0, >= 1.0.4)
      rack (>= 1, < 3)
    thread_safe (0.3.5)
    virtus (1.0.5)
      axiom-types (~> 0.1)
      coercible (~> 1.0)
      descendants_tracker (~> 0.0, >= 0.0.3)
      equalizer (~> 0.0, >= 0.0.9)

PLATFORMS
  ruby

DEPENDENCIES
  i18n (= 0.7.0)
  multi_json (= 1.12.1)
  ohm (= 3.0.3)
  ohm-contrib (= 3.0.0)
  rack (= 1.6.4)
  telegram-bot-ruby (= 0.6.0.2)
  thin (= 1.7.0)

RUBY VERSION
   ruby 2.1.3p242

BUNDLED WITH
   1.13.6
