GEM
  remote: https://rubygems.org/
  specs:
    json (2.0.2)
    rubyzip (1.2.1)

PLATFORMS
  ruby

DEPENDENCIES
  json
  rubyzip

BUNDLED WITH
   1.15.4
