GEM
  remote: https://rubygems.org/
  specs:
    colored (0.7.7)
    mechanize (2.7.3)
    slop (4.2.0)

PLATFORMS
  ruby

DEPENDENCIES
  colored
  mechanize
  slop
