GEM
  remote: https://rubygems.org/
  specs:
    addressable (2.3.8)
    colorize (0.7.7)
    cyrillizer (0.2.3)
    json (1.8.3)
    mime-types (1.25.1)
    mini_portile (0.6.2)
    nokogiri (1.6.6.2)
      mini_portile (~> 0.6.0)
    rest-client (1.6.9)
      mime-types (~> 1.16)
    thor (0.19.1)
    unirest (1.1.2)
      addressable (~> 2.3.5)
      json (~> 1.8.1)
      rest-client (~> 1.6.7)

PLATFORMS
  ruby

DEPENDENCIES
  colorize
  cyrillizer
  nokogiri
  thor
  unirest

BUNDLED WITH
   1.10.6
